##TITLE= Parameter file, TOPSPIN		Version 2.1
##JCAMPDX= 5.0
##DATATYPE= Parameter Values
##NPOINTS= 9	$$ modification sequence number
##ORIGIN= Bruker BioSpin GmbH
##OWNER= Dima
$$ 2022-07-09 04:47:41.496 +0300  Dima@DIMAPC
$$ D:/data/nich/nmr/THFCOOH/3/pdata/1/proc
$$ process C:\Bruker\TopSpin218\prog\mod\dataserver.exe
##$ABSF1= 10
##$ABSF2= 0
##$ABSG= 5
##$ABSL= 3
##$ALPHA= 0
##$AQORDER= 0
##$ASSFAC= 0
##$ASSFACI= 0
##$ASSFACX= 0
##$ASSWID= 0
##$AUNMP= <proc_1d>
##$AXLEFT= 0
##$AXNAME= <>
##$AXNUC= <off>
##$AXRIGHT= 0
##$AXTYPE= 0
##$AXUNIT= <>
##$AZFE= 0.1
##$AZFW= 0.1
##$BCFW= 1
##$BC_mod= 2
##$BYTORDP= 0
##$COROFFS= 0
##$CY= 12.5
##$DATMOD= 1
##$DC= 2
##$DFILT= <>
##$DTYPP= 0
##$ERETIC= no
##$F1P= 2.3806886072719
##$F2P= 1.78908891734959
##$FCOR= 0.5
##$FTSIZE= 0
##$FT_mod= 4
##$GAMMA= 1
##$GB= 0.5
##$INTBC= 1
##$INTSCL= 1
##$ISEN= 128
##$LB= -0.2
##$LEV0= 0
##$LPBIN= 0
##$MAXI= 12.65176
##$MC2= 0
##$MEAN= 0
##$ME_mod= 0
##$MI= 0.8853904
##$MddCEXP= no
##$MddCT_SP= no
##$MddF180= no
##$MddLAMBDA= 0
##$MddMEMORY= 0
##$MddMERGE= 0
##$MddNCOMP= 0
##$MddNITER= 0
##$MddNOISE= 0
##$MddPHASE= 0
##$MddSEED= 0
##$MddSRSIZE= 0
##$Mdd_CsALG= 0
##$Mdd_CsLAMBDA= 0
##$Mdd_CsNITER= 0
##$Mdd_CsNORM= 0
##$Mdd_CsVE= yes
##$Mdd_CsZF= 0
##$Mdd_LrLAMBDA= 0
##$Mdd_LrNITER= 0
##$Mdd_LrRANK= 0
##$Mdd_LrZF= 0
##$Mdd_mod= 0
##$NCOEF= 0
##$NC_proc= 0
##$NLEV= 6
##$NOISF1= 0
##$NOISF2= 0
##$NSP= 1
##$NTH_PI= 0
##$NZP= 0
##$OFFSET= 5.985516
##$PC= 1
##$PHC0= 393.2976
##$PHC1= 0.3880476
##$PH_mod= 0
##$PKNL= yes
##$PPARMOD= 0
##$PPDIAG= 0
##$PPIPTYP= 0
##$PPMPNUM= 2147483647
##$PPRESOL= 1
##$PSCAL= 0
##$PSIGN= 0
##$PYNMP= <>
##$RDF1= 0
##$RDF2= 0
##$RDFWHM= 0
##$RDINT= 0
##$RDPOS= 0
##$REVERSE= no
##$SF= 300.130005485864
##$SI= 262144
##$SIGF1= 0
##$SIGF2= 0
##$SINO= 400
##$SIOLD= 262144
##$SPECTYP= <>
##$SREF_mod= 1
##$SREGLST= <1H.CDCl3>
##$SSB= 0
##$STSI= 0
##$STSR= 0
##$SW_p= 4789.27203065135
##$SYMM= 0
##$S_DEV= 0
##$TDeff= 0
##$TDoff= 0
##$TI= <>
##$TILT= no
##$TM1= 0
##$TM2= 0
##$TOPLEV= 0
##$USERP1= <user>
##$USERP2= <user>
##$USERP3= <user>
##$USERP4= <user>
##$USERP5= <user>
##$WDW= 1
##$XDIM= 8192
##$YMAX_p= 0
##$YMIN_p= 0
##END=
